GEM
  remote: https://rubygems.org/
  specs:
    hashids (1.0.5)

PLATFORMS
  ruby

DEPENDENCIES
  hashids

BUNDLED WITH
   2.0.1
